GEM
  remote: https://rubygems.org/
  specs:
    tilt (2.0.9)

PLATFORMS
  ruby

DEPENDENCIES
  tilt

BUNDLED WITH
   2.0.1
